GEM
  remote: https://rubygems.org/
  specs:
    diff-lcs (1.2.5)
    minitest (5.0.8)
    predicated (0.2.6)
    ruby2ruby (2.0.6)
      ruby_parser (~> 3.1)
      sexp_processor (~> 4.0)
    ruby_parser (3.2.2)
      sexp_processor (~> 4.1)
    sexp_processor (4.4.0)
    wrong (0.7.1)
      diff-lcs (~> 1.2.5)
      predicated (~> 0.2.6)
      ruby2ruby (>= 2.0.1)
      ruby_parser (>= 3.0.1)
      sexp_processor (>= 4.0)

PLATFORMS
  ruby

DEPENDENCIES
  minitest (~> 5.0.8)
  wrong (~> 0.7.1)
